GEM
  remote: https://rubygems.org/
  specs:
    aws-eventstream (1.0.0)
    aws-partitions (1.88.0)
    aws-sdk-core (3.34.0)
      aws-eventstream (~> 1.0)
      aws-partitions (~> 1.0)
      aws-sigv4 (~> 1.0)
      jmespath (~> 1.0)
    aws-sdk-kms (1.5.0)
      aws-sdk-core (~> 3)
      aws-sigv4 (~> 1.0)
    aws-sdk-s3 (1.22.0)
      aws-sdk-core (~> 3, >= 3.26.0)
      aws-sdk-kms (~> 1)
      aws-sigv4 (~> 1.0)
    aws-sigv4 (1.0.3)
    excon (0.62.0)
    jmespath (1.4.0)
    json_pure (1.8.6)
    mime (0.4.4)
    mixlib-cli (1.7.0)
    multi_json (1.13.1)
    packagecloud-ruby (1.0.8)
      excon (~> 0.40)
      json_pure (~> 1)
      mime (~> 0.4)
      multi_json (~> 1.0)

PLATFORMS
  ruby

DEPENDENCIES
  aws-sdk-s3 (~> 1)
  mixlib-cli (~> 1.7)
  packagecloud-ruby (= 1.0.8)

BUNDLED WITH
   1.16.1
